PATH
  remote: .
  specs:
    recipient_interceptor (0.2.0)
      mail

GEM
  remote: http://rubygems.org/
  specs:
    diff-lcs (1.2.4)
    mail (2.7.1)
      mini_mime (>= 0.1.1)
    mini_mime (1.0.2)
    rake (12.3.3)
    rspec (2.14.1)
      rspec-core (~> 2.14.0)
      rspec-expectations (~> 2.14.0)
      rspec-mocks (~> 2.14.0)
    rspec-core (2.14.4)
    rspec-expectations (2.14.0)
      diff-lcs (>= 1.1.3, < 2.0)
    rspec-mocks (2.14.2)

PLATFORMS
  ruby

DEPENDENCIES
  rake
  recipient_interceptor!
  rspec

BUNDLED WITH
   1.16.1
